PATH
  remote: .
  specs:
    dingtalk (0.1.0)
      anyway_config (= 2.0.1)
      httparty (~> 0.16)
      redis

GEM
  remote: https://rubygems.org/
  specs:
    anyway_config (2.0.1)
      ruby-next-core (>= 0.5.1)
    httparty (0.21.0)
      mini_mime (>= 1.0.0)
      multi_xml (>= 0.5.2)
    mini_mime (1.1.2)
    multi_xml (0.6.0)
    rake (13.0.1)
    redis (4.2.1)
    ruby-next-core (0.9.2)

PLATFORMS
  ruby

DEPENDENCIES
  bundler (~> 1.17)
  dingtalk!
  rake (~> 13.0)

BUNDLED WITH
   1.17.2
