PATH
  remote: .
  specs:
    dingtalk (0.1.0)
      anyway_config (= 1.4.4)
      httparty (~> 0.16)
      redis (~> 3.3, >= 3.3.1)

GEM
  remote: https://rubygems.org/
  specs:
    anyway_config (1.4.4)
    httparty (0.18.0)
      mime-types (~> 3.0)
      multi_xml (>= 0.5.2)
    mime-types (3.3.1)
      mime-types-data (~> 3.2015)
    mime-types-data (3.2019.1009)
    multi_xml (0.6.0)
    rake (13.0.1)
    redis (3.3.5)

PLATFORMS
  ruby

DEPENDENCIES
  bundler (~> 1.17)
  dingtalk!
  rake (~> 13.0)

BUNDLED WITH
   1.17.2
