PATH
  remote: .
  specs:
    dingtalk (0.1.0)
      anyway_config (= 2.0.0.pre)
      httparty (~> 0.16)
      redis (~> 3.3, >= 3.3.1)

GEM
  remote: https://rubygems.org/
  specs:
    anyway_config (2.0.0.pre)
    httparty (0.17.1)
      mime-types (~> 3.0)
      multi_xml (>= 0.5.2)
    mime-types (3.3)
      mime-types-data (~> 3.2015)
    mime-types-data (3.2019.1009)
    multi_xml (0.6.0)
    rake (10.5.0)
    redis (3.3.5)

PLATFORMS
  ruby

DEPENDENCIES
  bundler (~> 1.17)
  dingtalk!
  rake (~> 10.0)

BUNDLED WITH
   1.17.2
